{
  "InstitutionAddress": "Ammerlaender Heerstr. 114-118, 26129 Oldenburg, Germany",
  "InstitutionName": "University of Oldenburg",
  "InstitutionalDepartmentName": "Department of Psychology",
  "PowerLineFrequency": 50,
  "ManufacturersModelName": "BrainAmp",
  "SoftwareFilters": {
    "Highpass": {
      "cutoff": "0.0159 (Hz)"
    },
    "Lowpass": {
      "cutoff": "250 (Hz)"
    }
  },
  "TaskName": "AttendedSpeakerParadigmOwnName",
  "EEGChannelCount": 47,
  "EOGChannelCount": 2,
  "EEGReference": "nose",
  "RecordingType": "continuous",
  "RecordingDuration": 3250.014,
  "SamplingFrequency": 500,
  "ECGChannelCount": 0,
  "EMGChannelCount": 0
}